GEM
  remote: http://rubygems.org/
  specs:
    BlueCloth (1.0.1)
    RedCloth (4.2.7)
    contest (0.1.2)
    ffi (1.0.7)
      rake (>= 0.8.7)
    git (1.2.5)
    haml (3.0.25)
    jeweler (1.5.2)
      bundler (~> 1.0.0)
      git (>= 1.2.5)
      rake
    libnotify (0.3.0)
      ffi (>= 0.6.2)
    oniguruma (1.1.0)
    plist (3.1.0)
    rake (0.8.7)
    textpow (0.10.1)
      oniguruma (>= 1.1.0)
      plist (>= 3.0.0)
    thor (0.14.6)
    ultraviolet (0.10.2)
      textpow (>= 0.10.0)
    watchr (0.7)
    yard (0.6.5)

PLATFORMS
  ruby

DEPENDENCIES
  BlueCloth
  RedCloth
  contest
  haml
  jeweler
  libnotify
  thor
  ultraviolet
  watchr
  yard
